PATH
  remote: /Users/flurin/Projects/roger/roger
  specs:
    roger (1.8.0)
      mime-types (~> 3.1)
      rack (>= 2.0.0)
      redcarpet (>= 3.1.1)
      test_construct (~> 2.0)
      thor (~> 0.19.0)
      tilt (~> 2.0.1)

GEM
  remote: https://rubygems.org/
  specs:
    coderay (1.1.2)
    ffi (1.9.25)
    method_source (0.9.0)
    mime-types (3.2.2)
      mime-types-data (~> 3.2015)
    mime-types-data (3.2018.0812)
    pry (0.11.3)
      coderay (~> 1.1.0)
      method_source (~> 0.9.0)
    rack (2.0.5)
    rb-fsevent (0.10.3)
    rb-inotify (0.9.10)
      ffi (>= 0.5.0, < 2)
    redcarpet (3.4.0)
    sass (3.6.0)
      sass-listen (~> 4.0.0)
    sass-listen (4.0.0)
      rb-fsevent (~> 0.9, >= 0.9.4)
      rb-inotify (~> 0.9, >= 0.9.7)
    test_construct (2.0.1)
    thor (0.19.4)
    tilt (2.0.8)
    yui-compressor (0.12.0)

PLATFORMS
  ruby

DEPENDENCIES
  pry
  redcarpet
  roger!
  sass
  yui-compressor

BUNDLED WITH
   1.16.3
